{
    "AcquisitionMatrixPE": 62,
    "AcquisitionNumber": 1,
    "AcquisitionTime": "12:04:59.925000",
    "ArterialSpinLabelingType": "PASL",
    "BaseResolution": 64,
    "BodyPartExamined": "BRAIN",
    "BolusDuration": 0.8,
    "CoilCombinationMethod": "Adaptive Combine",
    "ConsistencyInfo": "N4_VE11C_LATEST_20160120",
    "ConversionSoftware": "dcm2niix",
    "ConversionSoftwareVersion": "v1.0.20220720",
    "DeviceSerialNumber": "45424",
    "DwellTime": 3.2e-06,
    "EchoTime": 0.02062,
    "EchoTrainLength": 31,
    "FlipAngle": 120,
    "ImageOrientationPatientDICOM": [
        0.997057,
        0.0631688,
        0.0434491,
        -0.061856,
        0.997606,
        -0.0309254
    ],
    "ImageOrientationText": "Tra>Sag(2.6)>Cor(-1.6)",
    "ImageType": [
        "ORIGINAL",
        "PRIMARY",
        "ASL",
        "NONE",
        "ND",
        "NORM",
        "MOSAIC"
    ],
    "ImagingFrequency": 123.238,
    "InPlanePhaseEncodingDirectionDICOM": "COL",
    "InstitutionAddress": "North Warren Ave 1609,Tucson,Denver,US,85719",
    "InstitutionName": "University of Arizona",
    "InstitutionalDepartmentName": "Department",
    "Interpolation2D": 1,
    "InversionTime": 2.75,
    "MRAcquisitionType": "3D",
    "MagneticFieldStrength": 3,
    "Manufacturer": "Siemens",
    "ManufacturersModelName": "Skyra",
    "MatrixCoilMode": "SENSE",
    "Modality": "MR",
    "NonlinearGradientCorrection": false,
    "PartialFourier": 1,
    "PatientPosition": "HFS",
    "PercentPhaseFOV": 100,
    "PercentSampling": 96.875,
    "PhaseEncodingDirection": "j-",
    "PhaseEncodingSteps": 62,
    "PhaseResolution": 0.96875,
    "PixelBandwidth": 2440,
    "ProcedureStepDescription": "Chen^PAN_COREE",
    "ProtocolName": "AXIAL 3D PASL plus M0",
    "PulseSequenceDetails": "%CustomerSeq%\\ugtgse_pasl",
    "ReceiveCoilActiveElements": "HEA;HEP",
    "ReceiveCoilName": "Head_32",
    "ReconMatrixPE": 128,
    "RepetitionTime": 4,
    "SAR": 0.23651,
    "ScanOptions": "FS",
    "ScanningSequence": "EP",
    "SequenceName": "tgse3d1_3968",
    "SequenceVariant": "SK",
    "SeriesDescription": "AXIAL 3D PASL plus M0",
    "SeriesNumber": 12,
    "ShimSetting": [
        8101,
        -13729,
        15169,
        193,
        -196,
        -365,
        -525,
        -579
    ],
    "SliceThickness": 4.5,
    "SoftwareVersions": "syngo MR E11",
    "SpacingBetweenSlices": 4.5,
    "StationName": "AWP45424",
    "TxRefAmp": 340.365,
    "EffectiveEchoSpacing": 0.0005,
    "PostLabelingDelay": 2.75,
    "LabelingDuration": 0.8,
    "BolusCutOffFlag": true,
    "BolusCutOffTechnique": "QUIPSSII",
    "BolusCutOffDelayTechnique": "QUIPSSII",
    "BolusCutOffDelayTime": 0.8,
    "RepetitionTimePreparation": 4,
    "M0Type": "Included",
    "BackgroundSuppression": true,
    "TotalAcquiredPairs": 10
}