{
    "Modality": "MR",
    "MagneticFieldStrength": 3,
    "ImagingFrequency": 127.769,
    "Manufacturer": "Philips",
    "ManufacturersModelName": "Ingenia Elition X",
    "DeviceSerialNumber": "45002",
    "BodyPartExamined": "BRAIN",
    "PatientPosition": "HFS",
    "SoftwareVersions": "5.7.1\\5.7.1.0",
    "MRAcquisitionType": "2D",
    "SeriesDescription": "DTI_MB_3SHELL_RPE",
    "ProtocolName": "WIP DTI_MB_3SHELL_RPE",
    "ScanningSequence": "SE",
    "SequenceVariant": "SK",
    "ScanOptions": "FS",
    "PulseSequenceName": "DwiSE",
    "ImageType": [
        "ORIGINAL",
        "PRIMARY",
        "DIFFUSION",
        "NONE"
    ],
    "SeriesNumber": 401,
    "AcquisitionTime": "10:22:16.100000",
    "AcquisitionNumber": 4,
    "PhilipsRescaleSlope": 0.85812,
    "PhilipsRescaleIntercept": 0,
    "PhilipsScaleSlope": 0.0968773,
    "UsePhilipsFloatNotDisplayScaling": 1,
    "SliceThickness": 2,
    "SpacingBetweenSlices": 2,
    "EchoTime": 0.091,
    "RepetitionTime": 3.7,
    "MTState": false,
    "FlipAngle": 90,
    "CoilString": "MULTI COIL",
    "PercentPhaseFOV": 100,
    "PercentSampling": 100,
    "EchoTrainLength": 57,
    "PartialFourierDirection": "PHASE",
    "PartialFourierEnabled": "YES",
    "PhaseEncodingStepsNoPartialFourier": 114,
    "AcquisitionMatrixPE": 114,
    "ReconMatrixPE": 128,
    "ParallelReductionFactorInPlane": 2,
    "ParallelAcquisitionTechnique": "MBSENSE",
    "ParallelReductionOutOfPlane": 3,
    "WaterFatShift": 14.5231,
    "EstimatedEffectiveEchoSpacing": 0.000258702,
    "EstimatedTotalReadoutTime": 0.0328551,
    "AcquisitionDuration": 37,
    "PixelBandwidth": 2539.4,
    "PhaseEncodingAxis": "j",
    "ImageOrientationPatientDICOM": [
        0.997843,
        0,
        0.0656472,
        0,
        1,
        0
    ],
    "InPlanePhaseEncodingDirectionDICOM": "COL",
    "ConversionSoftware": "dcm2niix",
    "ConversionSoftwareVersion": "v1.0.20220720",
    "Dcm2bidsVersion": "2.1.6",
    "IntendedFor": [
        "ses-01/func/sub-HML1151_ses-01_task-rest_bold.nii.gz",
        "ses-01/perf/sub-HML1151_ses-01_acq-pcasl_asl.nii.gz"
    ],
    "PhaseEncodingDirection": "j-",
    "SliceTiming": [
        0.0,
        1.9304,
        0.1609,
        2.0913,
        0.3217,
        2.2522,
        0.4826,
        2.413,
        0.6435,
        2.5739,
        0.8043,
        2.7348,
        0.9652,
        2.8957,
        1.1261,
        3.0565,
        1.287,
        3.2174,
        1.4478,
        3.3783,
        1.6087,
        3.5391,
        1.7696,
        0.0,
        1.9304,
        0.1609,
        2.0913,
        0.3217,
        2.2522,
        0.4826,
        2.413,
        0.6435,
        2.5739,
        0.8043,
        2.7348,
        0.9652,
        2.8957,
        1.1261,
        3.0565,
        1.287,
        3.2174,
        1.4478,
        3.3783,
        1.6087,
        3.5391,
        1.7696,
        0.0,
        1.9304,
        0.1609,
        2.0913,
        0.3217,
        2.2522,
        0.4826,
        2.413,
        0.6435,
        2.5739,
        0.8043,
        2.7348,
        0.9652,
        2.8957,
        1.1261,
        3.0565,
        1.287,
        3.2174,
        1.4478,
        3.3783,
        1.6087,
        3.5391,
        1.7696
    ],
    "EffectiveEchoSpacing": 0.000258702,
    "TotalReadoutTime": 0.0328551
}